GIT
  remote: git://github.com/guard/guard-compass.git
  revision: 9b8fd6e6dcc412ebe362238346a1b5a73d90c208
  specs:
    guard-compass (0.0.6)
      compass (>= 0.10.5)
      guard (>= 0.2.1)

GEM
  remote: http://rubygems.org/
  specs:
    addressable (2.2.7)
    adsf (1.0.1)
      rack (>= 1.0.0)
    chunky_png (1.2.5)
    compass (0.11.7)
      chunky_png (~> 1.2)
      fssm (>= 0.2.7)
      sass (~> 3.1)
    cri (2.2.0)
    em-websocket (0.3.6)
      addressable (>= 2.1.1)
      eventmachine (>= 0.12.9)
    eventmachine (0.12.10)
    ffi (1.0.11)
    fssm (0.2.8.1)
    growl (1.0.3)
    guard (1.0.0)
      ffi (>= 0.5.0)
      thor (~> 0.14.6)
    guard-livereload (0.4.0)
      em-websocket (>= 0.2.0)
      guard (>= 0.10.0)
      multi_json (~> 1.0.3)
    haml (3.1.4)
    kramdown (0.13.5)
    multi_json (1.0.4)
    nanoc (3.3.1)
      cri (~> 2.1)
    rack (1.4.1)
    rb-fsevent (0.9.0)
    sass (3.1.15)
    systemu (2.4.2)
    thor (0.14.6)

PLATFORMS
  ruby

DEPENDENCIES
  adsf
  compass (~> 0.11.3)
  growl
  guard (~> 1.0.0)
  guard-compass!
  guard-livereload (= 0.4.0)
  haml
  kramdown
  nanoc
  rb-fsevent
  systemu
