GIT
  remote: git://github.com/guard/guard-compass.git
  revision: 9b8fd6e6dcc412ebe362238346a1b5a73d90c208
  specs:
    guard-compass (0.0.6)
      compass (>= 0.10.5)
      guard (>= 0.2.1)

GEM
  remote: http://rubygems.org/
  specs:
    addressable (2.2.7)
    capistrano (2.11.1)
      highline
      net-scp (>= 1.0.0)
      net-sftp (>= 2.0.0)
      net-ssh (>= 2.0.14)
      net-ssh-gateway (>= 1.1.0)
    capistrano-ext (1.2.1)
      capistrano (>= 1.0.0)
    chunky_png (1.2.5)
    compass (0.11.7)
      chunky_png (~> 1.2)
      fssm (>= 0.2.7)
      sass (~> 3.1)
    em-websocket (0.3.6)
      addressable (>= 2.1.1)
      eventmachine (>= 0.12.9)
    eventmachine (0.12.10)
    ffi (1.0.11)
    fssm (0.2.8.1)
    growl (1.0.3)
    guard (1.0.0)
      ffi (>= 0.5.0)
      thor (~> 0.14.6)
    guard-livereload (0.4.0)
      em-websocket (>= 0.2.0)
      guard (>= 0.10.0)
      multi_json (~> 1.0.3)
    haml (3.1.4)
    highline (1.6.11)
    multi_json (1.0.4)
    net-scp (1.0.4)
      net-ssh (>= 1.99.1)
    net-sftp (2.0.5)
      net-ssh (>= 2.0.9)
    net-ssh (2.3.0)
    net-ssh-gateway (1.1.0)
      net-ssh (>= 1.99.1)
    railsless-deploy (1.0.2)
    rb-fsevent (0.9.0)
    sass (3.1.15)
    thor (0.14.6)

PLATFORMS
  ruby

DEPENDENCIES
  capistrano
  capistrano-ext
  compass (~> 0.11.3)
  growl
  guard (~> 1.0.0)
  guard-compass!
  guard-livereload (= 0.4.0)
  haml
  railsless-deploy
  rb-fsevent
